{
  "PowerLineFrequency": 50,
  "SoftwareFilters": {
    "FilterDescription": {
      "Description": "bandpass [0.1, 40]"
    }
  },
  "EEGReference": "Afz",
  "InstitutionAddress": "Montpellier, France",
  "InstitutionName": "CORSTIM",
  "TaskName": "picturenaming",
  "EEGChannelCount": 99,
  "RecordingType": "epoched",
  "EpochLength": 5.501,
  "RecordingDuration": 5.501,
  "SamplingFrequency": 1000,
  "EOGChannelCount": 0,
  "ECGChannelCount": 0,
  "EMGChannelCount": 0
}